GEM
  remote: http://rubygems.org/
  specs:
    bson (1.12.5)
    bson_ext (1.12.5)
      bson (~> 1.12.5)
    mongo (1.12.5)
      bson (= 1.12.5)
    rack (1.2.1)
    sinatra (1.0)
      rack (>= 1.0)
    yajl-ruby (1.4.2)

PLATFORMS
  ruby

DEPENDENCIES
  bson (~> 1.1)
  bson_ext (~> 1.1)
  mongo (~> 1.1)
  sinatra (~> 1.0)
  yajl-ruby (~> 1.4.2)
