GEM
  remote: http://rubygems.org/
  specs:
    bson (1.12.5)
    bson_ext (1.12.5)
      bson (~> 1.12.5)
    mongo (1.12.5)
      bson (= 1.12.5)
    mustermann (1.1.1)
      ruby2_keywords (~> 0.0.1)
    rack (2.2.3)
    rack-protection (2.2.0)
      rack
    ruby2_keywords (0.0.5)
    sinatra (2.2.0)
      mustermann (~> 1.0)
      rack (~> 2.2)
      rack-protection (= 2.2.0)
      tilt (~> 2.0)
    tilt (2.0.10)
    yajl-ruby (0.7.7)

PLATFORMS
  ruby

DEPENDENCIES
  bson (~> 1.1)
  bson_ext (~> 1.1)
  mongo (~> 1.1)
  sinatra (~> 2.2)
  yajl-ruby (~> 0.7.7)
