GEM
  remote: http://rubygems.org/
  specs:
    bson (3.0.4)
    bson_ext (1.5.1)
    mongo (1.3.1)
      bson (>= 1.3.1)
    rack (1.2.1)
    sinatra (1.0)
      rack (>= 1.0)
    yajl-ruby (0.7.7)

PLATFORMS
  ruby

DEPENDENCIES
  bson (~> 3.0)
  bson_ext (~> 1.1)
  mongo (~> 1.1)
  sinatra (~> 1.0)
  yajl-ruby (~> 0.7.7)
